GIT
  remote: git://github.com/ruhoh/ruhoh.rb.git
  revision: 4993b07d12b5bbd5b2e07d122d073d8161d3dbce
  specs:
    ruhoh (2.6)
      directory_watcher (~> 1.4.0)
      mustache (~> 0.99)
      nokogiri (~> 1.5)
      rack (~> 1.4)
      redcarpet (~> 2.1)

GEM
  specs:
    directory_watcher (1.4.1)
    mini_portile (0.5.2)
    mustache (0.99.5)
    nokogiri (1.6.0)
      mini_portile (~> 0.5.0)
    rack (1.5.2)
    redcarpet (2.3.0)

PLATFORMS
  ruby

DEPENDENCIES
  ruhoh!
